GEM
  remote: https://rubygems.org/
  specs:
    bcrypt (3.1.18)
    coderay (1.1.3)
    erubis (2.7.0)
    logger (1.5.3)
    method_source (1.0.0)
    minitest (5.18.0)
    multi_json (1.15.0)
    mustermann (3.0.0)
      ruby2_keywords (~> 0.0.1)
    nio4r (2.5.8)
    pg (1.4.6)
    pry (0.14.2)
      coderay (~> 1.1)
      method_source (~> 1.0)
    puma (6.1.1)
      nio4r (~> 2.0)
    rack (2.2.6.3)
    rack-protection (3.0.5)
      rack
    rack-test (2.0.2)
      rack (>= 1.3)
    ruby2_keywords (0.0.5)
    sinatra (3.0.5)
      mustermann (~> 3.0)
      rack (~> 2.2, >= 2.2.4)
      rack-protection (= 3.0.5)
      tilt (~> 2.0)
    sinatra-content-for (0.1)
      sinatra
    sinatra-contrib (3.0.5)
      multi_json
      mustermann (~> 3.0)
      rack-protection (= 3.0.5)
      sinatra (= 3.0.5)
      tilt (~> 2.0)
    tilt (2.1.0)

PLATFORMS
  x86_64-darwin-19

DEPENDENCIES
  bcrypt (~> 3.1, >= 3.1.18)
  erubis
  logger (~> 1.5, >= 1.5.1)
  minitest
  pg
  pry
  puma
  rack-test
  sinatra
  sinatra-content-for
  sinatra-contrib

RUBY VERSION
   ruby 2.7.0p0

BUNDLED WITH
   2.4.1
